GEM
  remote: https://rubygems.org/
  specs:
    colorize (0.8.1)
    concurrent-ruby (1.1.9)
    daemons (1.4.1)
    diff-lcs (1.5.0)
    eventmachine (1.2.7)
    ffi (1.15.4)
    highline (1.7.10)
    hoe (3.23.0)
      rake (>= 0.8, < 15.0)
    hoe-bundler (1.5.0)
    hoe-deveiate (0.10.0)
      hoe (~> 3.16)
      hoe-highline (~> 0.2)
      hoe-mercurial (~> 1.4)
      mail (~> 2.6)
      rdoc (~> 6.0)
      rspec (~> 3.5)
    hoe-highline (0.2.1)
      highline (~> 1.6)
      hoe (~> 3.11)
    hoe-mercurial (1.4.1)
      hoe (~> 3.9)
    listen (3.7.0)
      rb-fsevent (~> 0.10, >= 0.10.3)
      rb-inotify (~> 0.9, >= 0.9.10)
    mail (2.7.1)
      mini_mime (>= 0.1.1)
    mini_mime (1.1.2)
    mustermann (1.1.1)
      ruby2_keywords (~> 0.0.1)
    nio4r (2.5.8)
    pg (1.2.3)
    psych (4.0.3)
      stringio
    puma (5.5.2)
      nio4r (~> 2.0)
    rack (2.2.3)
    rack-protection (2.1.0)
      rack
    rake (13.0.6)
    rake-compiler (1.1.6)
      rake
    rake-compiler-dock (1.1.0)
    rb-fsevent (0.11.0)
    rb-inotify (0.10.1)
      ffi (~> 1.0)
    rdoc (6.4.0)
      psych (>= 4.0.0)
    rspec (3.10.0)
      rspec-core (~> 3.10.0)
      rspec-expectations (~> 3.10.0)
      rspec-mocks (~> 3.10.0)
    rspec-core (3.10.1)
      rspec-support (~> 3.10.0)
    rspec-expectations (3.10.1)
      diff-lcs (>= 1.2.0, < 2.0)
      rspec-support (~> 3.10.0)
    rspec-mocks (3.10.2)
      diff-lcs (>= 1.2.0, < 2.0)
      rspec-support (~> 3.10.0)
    rspec-support (3.10.3)
    ruby2_keywords (0.0.5)
    sinatra (2.1.0)
      mustermann (~> 1.0)
      rack (~> 2.2)
      rack-protection (= 2.1.0)
      tilt (~> 2.0)
    stringio (3.0.1)
    thin (1.8.1)
      daemons (~> 1.0, >= 1.0.9)
      eventmachine (~> 1.0, >= 1.0.4)
      rack (>= 1, < 3)
    tilt (2.0.10)
    webrick (1.7.0)
    websocket (1.2.9)
    websocket-eventmachine-base (1.2.0)
      eventmachine (~> 1.0)
      websocket (~> 1.0)
      websocket-native (~> 1.0)
    websocket-eventmachine-server (1.0.1)
      websocket-eventmachine-base (~> 1.0)
    websocket-native (1.0.0)
    yaml (0.2.0)

PLATFORMS
  x86_64-linux

DEPENDENCIES
  colorize
  concurrent-ruby (~> 1.1, >= 1.1.9)
  hoe
  hoe-bundler
  hoe-deveiate
  hoe-highline
  hoe-mercurial
  listen
  pg (~> 1.0)
  puma
  rack
  rake-compiler
  rake-compiler-dock
  rdoc
  rspec
  sinatra
  thin
  webrick
  websocket-eventmachine-server
  yaml

BUNDLED WITH
   2.2.32
