GEM
  remote: https://rubygems.org/
  specs:
    bson (4.13.0)
    concurrent-ruby (1.1.9)
    diff-lcs (1.5.0)
    eventmachine (1.2.7)
    mongo (2.17.0)
      bson (>= 4.8.2, < 5.0.0)
    rspec (3.10.0)
      rspec-core (~> 3.10.0)
      rspec-expectations (~> 3.10.0)
      rspec-mocks (~> 3.10.0)
    rspec-core (3.10.1)
      rspec-support (~> 3.10.0)
    rspec-expectations (3.10.1)
      diff-lcs (>= 1.2.0, < 2.0)
      rspec-support (~> 3.10.0)
    rspec-mocks (3.10.2)
      diff-lcs (>= 1.2.0, < 2.0)
      rspec-support (~> 3.10.0)
    rspec-support (3.10.3)
    websocket (1.2.9)
    websocket-eventmachine-base (1.2.0)
      eventmachine (~> 1.0)
      websocket (~> 1.0)
      websocket-native (~> 1.0)
    websocket-eventmachine-server (1.0.1)
      websocket-eventmachine-base (~> 1.0)
    websocket-native (1.0.0)

PLATFORMS
  x86_64-linux

DEPENDENCIES
  concurrent-ruby (~> 1.1, >= 1.1.9)
  mongo (~> 2)
  rspec
  websocket-eventmachine-server

BUNDLED WITH
   2.2.32
